GEM
  remote: https://rubygems.org/
  specs:
    coderay (1.1.3)
    docile (1.3.5)
    method_source (1.0.0)
    minitest (5.16.3)
    pry (0.14.1)
      coderay (~> 1.1)
      method_source (~> 1.0)
    pry-rails (0.3.9)
      pry (>= 0.10.4)
    simplecov (0.21.2)
      docile (~> 1.1)
      simplecov-html (~> 0.11)
      simplecov_json_formatter (~> 0.1)
    simplecov-html (0.12.3)
    simplecov_json_formatter (0.1.2)

PLATFORMS
  ruby

DEPENDENCIES
  minitest
  pry-rails
  simplecov

RUBY VERSION
   ruby 2.7.2p137

BUNDLED WITH
   2.1.4
